GIT
  remote: git://github.com/craigbrad/rtanque.git
  revision: f9db9aae43f58c423c2b7a8f2e350b7a3e133d75
  branch: feature/arena
  specs:
    rtanque (0.1.2)
      configuration (~> 1.3.2)
      gosu (~> 0.8.6)
      octokit (~> 2.7.0)
      texplay
      thor (~> 0.17.0)

GEM
  remote: https://rubygems.org/
  specs:
    addressable (2.3.8)
    configuration (1.3.4)
    faraday (0.9.2)
      multipart-post (>= 1.2, < 3)
    gosu (0.8.6)
    multipart-post (2.0.0)
    octokit (2.7.2)
      sawyer (~> 0.5.2)
    sawyer (0.5.5)
      addressable (~> 2.3.5)
      faraday (~> 0.8, < 0.10)
    texplay (0.4.4.pre)
      gosu (>= 0.7.25)
    thor (0.17.0)

PLATFORMS
  ruby

DEPENDENCIES
  rtanque!
  texplay (= 0.4.4.pre)

BUNDLED WITH
   1.11.2
